GEM
  remote: https://rubygems.org/
  specs:
    elasticsearch (2.0.2)
      elasticsearch-api (= 2.0.2)
      elasticsearch-transport (= 2.0.2)
    elasticsearch-api (2.0.2)
      multi_json
    elasticsearch-transport (2.0.2)
      faraday
      multi_json
    faraday (0.17.3)
      multipart-post (>= 1.2, < 3)
    httparty (0.13.5)
      json (~> 1.8)
      multi_xml (>= 0.5.2)
    json (1.8.3)
    mini_portile (0.6.2)
    multi_json (1.14.1)
    multi_xml (0.5.5)
    multipart-post (2.1.1)
    nokogiri (1.6.6.2)
      mini_portile (~> 0.6.0)

PLATFORMS
  ruby

DEPENDENCIES
  elasticsearch (~> 2)
  httparty
  nokogiri

BUNDLED WITH
   1.16.6
